GEM
  remote: http://rubygems.org/
  specs:
    addressable (2.2.6)
    cmdparse (2.0.3)
    diff-lcs (1.1.2)
    directory_watcher (1.4.0)
    hpricot (0.8.4)
    juicer (1.0.12)
      cmdparse
      nokogiri
      rubyzip
    launchy (2.0.5)
      addressable (~> 2.2.6)
    little-plugger (1.1.2)
    logging (1.5.2)
      little-plugger (>= 1.1.2)
    loquacious (1.8.1)
    mini_portile2 (2.4.0)
    nokogiri (1.10.4)
      mini_portile2 (~> 2.4.0)
    oniguruma (1.1.0)
    plist (3.1.0)
    rake (0.9.2)
    rdiscount (1.6.8)
    rspec (2.6.0)
      rspec-core (~> 2.6.0)
      rspec-expectations (~> 2.6.0)
      rspec-mocks (~> 2.6.0)
    rspec-core (2.6.4)
    rspec-expectations (2.6.0)
      diff-lcs (~> 1.1.2)
    rspec-mocks (2.6.0)
    rubyzip (0.9.4)
    textpow (0.10.1)
      oniguruma (>= 1.1.0)
      plist (>= 3.0.0)
    ultraviolet (0.10.2)
      textpow (>= 0.10.0)
    webby (0.9.4)
      directory_watcher (>= 1.1.2)
      hpricot (>= 0.6.0)
      launchy (>= 0.3.2)
      logging (>= 0.9.7)
      loquacious (>= 1.3.0)
      rake (>= 0.8.4)
      rspec (>= 1.2.2)

PLATFORMS
  ruby

DEPENDENCIES
  juicer
  rdiscount
  ultraviolet
  webby
